GEM
  remote: https://rubygems.org/
  specs:
    dotenv (2.7.6)
    influxdb-client (2.2.0)

PLATFORMS
  x86_64-darwin-20

DEPENDENCIES
  dotenv
  influxdb-client

BUNDLED WITH
   2.3.8
